PATH
  remote: .
  specs:
    money (5.0.0)
      i18n (~> 0.6.0)
      multi_json (~> 1.3.6)

GEM
  remote: http://rubygems.org/
  specs:
    diff-lcs (1.1.3)
    i18n (0.6.0)
    kramdown (0.13.7)
    multi_json (1.3.6)
    rake (0.9.2.2)
    rspec (2.10.0)
      rspec-core (~> 2.10.0)
      rspec-expectations (~> 2.10.0)
      rspec-mocks (~> 2.10.0)
    rspec-core (2.10.1)
    rspec-expectations (2.10.0)
      diff-lcs (~> 1.1.3)
    rspec-mocks (2.10.1)
    yard (0.8.2.1)

PLATFORMS
  ruby

DEPENDENCIES
  kramdown (~> 0.13.7)
  money!
  rake
  rspec (~> 2.10.0)
  yard (~> 0.8.1)
